GEM
  remote: https://rubygems.org/
  specs:
    ast (2.4.2)
    async (2.6.5)
      console (~> 1.10)
      fiber-annotation
      io-event (~> 1.1)
      timers (~> 4.1)
    async-container (0.16.12)
      async
      async-io
    async-http (0.61.0)
      async (>= 1.25)
      async-io (>= 1.28)
      async-pool (>= 0.2)
      protocol-http (~> 0.25.0)
      protocol-http1 (~> 0.16.0)
      protocol-http2 (~> 0.15.0)
      traces (>= 0.10.0)
    async-http-cache (0.4.3)
      async-http (~> 0.56)
    async-io (1.38.0)
      async
    async-pool (0.4.0)
      async (>= 1.25)
    async-websocket (0.26.0)
      async-http (~> 0.54)
      async-io (~> 1.23)
      protocol-rack (~> 0.1)
      protocol-websocket (~> 0.11)
    bech32 (1.4.2)
      thor (>= 1.1.0)
    bip-schnorr (0.7.0)
      ecdsa_ext (~> 0.5.0)
    build-environment (1.13.0)
    builder (3.2.4)
    console (1.23.3)
      fiber-annotation
      fiber-local
    cucumber (9.1.0)
      builder (~> 3.2, >= 3.2.4)
      cucumber-ci-environment (~> 9.2, >= 9.2.0)
      cucumber-core (~> 12.0)
      cucumber-cucumber-expressions (~> 17.0)
      cucumber-gherkin (>= 24, < 27)
      cucumber-html-formatter (~> 20.4, >= 20.4.0)
      cucumber-messages (>= 19, < 23)
      diff-lcs (~> 1.5, >= 1.5.0)
      mini_mime (~> 1.1, >= 1.1.5)
      multi_test (~> 1.1, >= 1.1.0)
      sys-uname (~> 1.2, >= 1.2.3)
    cucumber-ci-environment (9.2.0)
    cucumber-core (12.0.0)
      cucumber-gherkin (>= 25, < 27)
      cucumber-messages (>= 20, < 23)
      cucumber-tag-expressions (~> 5.0, >= 5.0.4)
    cucumber-cucumber-expressions (17.0.1)
    cucumber-gherkin (26.2.0)
      cucumber-messages (>= 19.1.4, < 22.1)
    cucumber-html-formatter (20.4.0)
      cucumber-messages (>= 18.0, < 22.1)
    cucumber-messages (22.0.0)
    cucumber-tag-expressions (5.0.6)
    debug (1.8.0)
      irb (>= 1.5.0)
      reline (>= 0.3.1)
    diff-lcs (1.5.0)
    ecdsa (1.2.0)
    ecdsa_ext (0.5.0)
      ecdsa (~> 1.2.0)
    event_emitter (0.2.6)
    eventmachine (1.2.7)
    falcon (0.42.3)
      async
      async-container (~> 0.16.0)
      async-http (~> 0.57)
      async-http-cache (~> 0.4.0)
      async-io (~> 1.22)
      build-environment (~> 1.13)
      bundler
      localhost (~> 1.1)
      openssl (~> 3.0)
      process-metrics (~> 0.2.0)
      protocol-rack (~> 0.1)
      samovar (~> 2.1)
    faye-websocket (0.11.3)
      eventmachine (>= 0.12.0)
      websocket-driver (>= 0.5.1)
    ffi (1.16.3)
    fiber-annotation (0.2.0)
    fiber-local (1.0.0)
    io-console (0.6.0)
    io-event (1.3.3)
    irb (1.10.0)
      rdoc
      reline (>= 0.3.8)
    json (2.7.1)
    language_server-protocol (3.17.0.3)
    lint_roller (1.1.0)
    localhost (1.1.10)
    mapping (1.1.1)
    mini_mime (1.1.5)
    minitest (5.20.0)
    multi_test (1.1.0)
    nostr (0.5.0)
      bech32 (~> 1.4)
      bip-schnorr (~> 0.6)
      ecdsa (~> 1.2)
      event_emitter (~> 0.2)
      faye-websocket (~> 0.11)
      json (~> 2.6)
    openssl (3.2.0)
    parallel (1.24.0)
    parser (3.2.2.4)
      ast (~> 2.4.1)
      racc
    process-metrics (0.2.1)
      console (~> 1.8)
      samovar (~> 2.1)
    protocol-hpack (1.4.2)
    protocol-http (0.25.0)
    protocol-http1 (0.16.0)
      protocol-http (~> 0.22)
    protocol-http2 (0.15.1)
      protocol-hpack (~> 1.4)
      protocol-http (~> 0.18)
    protocol-rack (0.4.1)
      protocol-http (~> 0.23)
      rack (>= 1.0)
    protocol-websocket (0.12.1)
      protocol-http (~> 0.2)
    psych (5.1.1.1)
      stringio
    racc (1.7.3)
    rack (3.0.8)
    rainbow (3.1.1)
    rake (13.1.0)
    rdoc (6.6.0)
      psych (>= 4.0.0)
    regexp_parser (2.8.3)
    reline (0.4.1)
      io-console (~> 0.5)
    rexml (3.2.6)
    rubocop (1.57.2)
      json (~> 2.3)
      language_server-protocol (>= 3.17.0)
      parallel (~> 1.10)
      parser (>= 3.2.2.4)
      rainbow (>= 2.2.2, < 4.0)
      regexp_parser (>= 1.8, < 3.0)
      rexml (>= 3.2.5, < 4.0)
      rubocop-ast (>= 1.28.1, < 2.0)
      ruby-progressbar (~> 1.7)
      unicode-display_width (>= 2.4.0, < 3.0)
    rubocop-ast (1.30.0)
      parser (>= 3.2.1.0)
    rubocop-performance (1.19.1)
      rubocop (>= 1.7.0, < 2.0)
      rubocop-ast (>= 0.4.0)
    ruby-progressbar (1.13.0)
    samovar (2.2.0)
      console (~> 1.0)
      mapping (~> 1.0)
    standard (1.32.1)
      language_server-protocol (~> 3.17.0.2)
      lint_roller (~> 1.0)
      rubocop (~> 1.57.2)
      standard-custom (~> 1.0.0)
      standard-performance (~> 1.2)
    standard-custom (1.0.2)
      lint_roller (~> 1.0)
      rubocop (~> 1.50)
    standard-performance (1.2.1)
      lint_roller (~> 1.1)
      rubocop-performance (~> 1.19.1)
    stringio (3.1.0)
    sys-uname (1.2.3)
      ffi (~> 1.1)
    thor (1.3.0)
    timers (4.3.5)
    traces (0.11.1)
    unicode-display_width (2.5.0)
    websocket-driver (0.7.6)
      websocket-extensions (>= 0.1.0)
    websocket-extensions (0.1.5)

PLATFORMS
  -darwin-22
  arm64-darwin-22

DEPENDENCIES
  async-websocket
  cucumber
  debug
  falcon
  minitest
  nostr
  rake
  standard

BUNDLED WITH
   2.3.26
